GEM
  remote: https://rubygems.org/
  specs:
    actionmailer (3.2.20)
      actionpack (= 3.2.20)
      mail (~> 2.5.4)
    actionpack (3.2.20)
      activemodel (= 3.2.20)
      activesupport (= 3.2.20)
      builder (~> 3.0.0)
      erubis (~> 2.7.0)
      journey (~> 1.0.4)
      rack (~> 1.4.5)
      rack-cache (~> 1.2)
      rack-test (~> 0.6.1)
      sprockets (~> 2.2.1)
    activemodel (3.2.20)
      activesupport (= 3.2.20)
      builder (~> 3.0.0)
    activerecord (3.2.20)
      activemodel (= 3.2.20)
      activesupport (= 3.2.20)
      arel (~> 3.0.2)
      tzinfo (~> 0.3.29)
    activeresource (3.2.20)
      activemodel (= 3.2.20)
      activesupport (= 3.2.20)
    activesupport (3.2.20)
      i18n (~> 0.6, >= 0.6.4)
      multi_json (~> 1.0)
    addressable (2.3.6)
    arel (3.0.3)
    bcrypt (3.1.10)
    bcrypt-ruby (3.0.1)
    builder (3.0.4)
    byebug (3.4.0)
      columnize (~> 0.8)
      debugger-linecache (~> 1.2)
      slop (~> 3.6)
    ckeditor (4.1.1)
      cocaine
      orm_adapter (~> 0.5.0)
    climate_control (0.0.3)
      activesupport (>= 3.0)
    cocaine (0.5.7)
      climate_control (>= 0.0.3, < 1.0)
    coffee-rails (3.2.2)
      coffee-script (>= 2.2.0)
      railties (~> 3.2.0)
    coffee-script (2.3.0)
      coffee-script-source
      execjs
    coffee-script-source (1.9.1)
    columnize (0.9.0)
    debugger-linecache (1.2.0)
    devise (3.4.1)
      bcrypt (~> 3.0)
      orm_adapter (~> 0.1)
      railties (>= 3.2.6, < 5)
      responders
      thread_safe (~> 0.1)
      warden (~> 1.2.3)
    erubis (2.7.0)
    execjs (2.4.0)
    faraday (0.9.0)
      multipart-post (>= 1.2, < 3)
    hike (1.2.3)
    htmlentities (4.3.3)
    i18n (0.7.0)
    journey (1.0.4)
    jquery-rails (3.1.2)
      railties (>= 3.0, < 5.0)
      thor (>= 0.14, < 2.0)
    json (1.8.2)
    mail (2.5.4)
      mime-types (~> 1.16)
      treetop (~> 1.4.8)
    mime-types (1.25.1)
    multi_json (1.11.0)
    multipart-post (2.0.0)
    nokogiri (1.5.11)
    oauth (0.4.7)
    oauth2-client (1.1.2)
      addressable
      bcrypt-ruby (~> 3.0.0)
    orm_adapter (0.5.0)
    pg (0.18.1)
    polyglot (0.3.5)
    rack (1.4.5)
    rack-cache (1.2)
      rack (>= 0.4)
    rack-ssl (1.3.4)
      rack
    rack-test (0.6.3)
      rack (>= 1.0)
    rails (3.2.20)
      actionmailer (= 3.2.20)
      actionpack (= 3.2.20)
      activerecord (= 3.2.20)
      activeresource (= 3.2.20)
      activesupport (= 3.2.20)
      bundler (~> 1.0)
      railties (= 3.2.20)
    railties (3.2.20)
      actionpack (= 3.2.20)
      activesupport (= 3.2.20)
      rack-ssl (~> 1.3.2)
      rake (>= 0.8.7)
      rdoc (~> 3.4)
      thor (>= 0.14.6, < 2.0)
    rake (10.4.2)
    rdoc (3.12.2)
      json (~> 1.4)
    responders (1.1.2)
      railties (>= 3.2, < 4.2)
    sass (3.4.13)
    sass-rails (3.2.6)
      railties (~> 3.2.0)
      sass (>= 3.1.10)
      tilt (~> 1.3)
    simple_oauth (0.2.0)
    slop (3.6.0)
    sprockets (2.2.3)
      hike (~> 1.2)
      multi_json (~> 1.0)
      rack (~> 1.0)
      tilt (~> 1.1, != 1.3.0)
    thor (0.19.1)
    thread_safe (0.3.4)
    tilt (1.4.1)
    treetop (1.4.15)
      polyglot
      polyglot (>= 0.3.1)
    tzinfo (0.3.43)
    uglifier (2.7.1)
      execjs (>= 0.3.0)
      json (>= 1.8.0)
    video_info (2.4.1)
      addressable
      htmlentities
      multi_json
    warden (1.2.3)
      rack (>= 1.0)
    youtube_it (2.1.1)
      builder
      builder
      faraday
      faraday (>= 0.7.3)
      nokogiri
      oauth
      oauth (>= 0.4.4)
      simple_oauth
      simple_oauth (>= 0.1.5)

PLATFORMS
  ruby

DEPENDENCIES
  byebug
  ckeditor
  coffee-rails (~> 3.2.1)
  devise
  jquery-rails
  oauth2-client
  pg
  rails (= 3.2.20)
  sass-rails (~> 3.2.3)
  uglifier (>= 1.0.3)
  video_info
  youtube_it
